PATH
  remote: .
  specs:
    w_syntax_tree-erb (0.11.0)
      prettier_print (~> 1.2, >= 1.2.0)
      syntax_tree (~> 6.1, >= 6.1.1)

GEM
  remote: https://rubygems.org/
  specs:
    docile (1.4.0)
    minitest (5.20.0)
    prettier_print (1.2.1)
    rake (13.1.0)
    simplecov (0.22.0)
      docile (~> 1.1)
      simplecov-html (~> 0.11)
      simplecov_json_formatter (~> 0.1)
    simplecov-html (0.12.3)
    simplecov_json_formatter (0.1.4)
    syntax_tree (6.2.0)
      prettier_print (>= 1.2.0)

PLATFORMS
  arm64-darwin-21
  arm64-darwin-23
  x86_64-darwin-21
  x86_64-darwin-22
  x86_64-linux

DEPENDENCIES
  bundler (~> 2)
  minitest (~> 5)
  rake (~> 13)
  simplecov (~> 0.22)
  w_syntax_tree-erb!

BUNDLED WITH
   2.4.1
